PATH
  remote: .
  specs:
    sp_resource (0.0.1)
      gli (= 2.17.1)

GEM
  remote: https://rubygems.org/
  specs:
    aruba (0.14.5)
      childprocess (>= 0.6.3, < 0.10.0)
      contracts (~> 0.9)
      cucumber (>= 1.3.19)
      ffi (~> 1.9.10)
      rspec-expectations (>= 2.99)
      thor (~> 0.19)
    ast (2.4.0)
    backports (3.11.3)
    bcrypt (3.1.12)
    builder (3.2.3)
    byebug (10.0.2)
    childprocess (0.9.0)
      ffi (~> 1.0, >= 1.0.11)
    coderay (1.1.2)
    contracts (0.16.0)
    cucumber (3.1.0)
      builder (>= 2.1.2)
      cucumber-core (~> 3.1.0)
      cucumber-expressions (~> 5.0.4)
      cucumber-wire (~> 0.0.1)
      diff-lcs (~> 1.3)
      gherkin (~> 5.0)
      multi_json (>= 1.7.5, < 2.0)
      multi_test (>= 0.1.2)
    cucumber-core (3.1.0)
      backports (>= 3.8.0)
      cucumber-tag_expressions (~> 1.1.0)
      gherkin (>= 5.0.0)
    cucumber-expressions (5.0.18)
    cucumber-tag_expressions (1.1.1)
    cucumber-wire (0.0.1)
    diff-lcs (1.3)
    ffi (1.9.23)
    gherkin (5.0.0)
    gli (2.17.1)
    method_source (0.9.0)
    multi_json (1.13.1)
    multi_test (0.1.2)
    mysql2 (0.5.1)
    parallel (1.12.1)
    parser (2.5.1.0)
      ast (~> 2.4.0)
    powerpack (0.1.1)
    pry (0.11.3)
      coderay (~> 1.1.0)
      method_source (~> 0.9.0)
    pry-byebug (3.6.0)
      byebug (~> 10.0)
      pry (~> 0.10)
    rainbow (3.0.0)
    rake (12.3.1)
    rdoc (6.0.4)
    rspec (3.7.0)
      rspec-core (~> 3.7.0)
      rspec-expectations (~> 3.7.0)
      rspec-mocks (~> 3.7.0)
    rspec-core (3.7.1)
      rspec-support (~> 3.7.0)
    rspec-expectations (3.7.0)
      diff-lcs (>= 1.2.0, < 2.0)
      rspec-support (~> 3.7.0)
    rspec-mocks (3.7.0)
      diff-lcs (>= 1.2.0, < 2.0)
      rspec-support (~> 3.7.0)
    rspec-support (3.7.1)
    rubocop (0.56.0)
      parallel (~> 1.10)
      parser (>= 2.5)
      powerpack (~> 0.1)
      rainbow (>= 2.2.2, < 4.0)
      ruby-progressbar (~> 1.7)
      unicode-display_width (~> 1.0, >= 1.0.1)
    rubocop-rspec (1.25.1)
      rubocop (>= 0.53.0)
    ruby-progressbar (1.9.0)
    sequel (5.8.0)
    thor (0.20.0)
    unicode-display_width (1.3.2)

PLATFORMS
  ruby

DEPENDENCIES
  aruba
  bcrypt
  mysql2
  pry
  pry-byebug
  rake
  rdoc
  rspec
  rubocop-rspec
  sequel
  sp_resource!

BUNDLED WITH
   1.16.1
